PATH
  remote: .
  specs:
    peplum (0.1.0)
      cuboid

GEM
  remote: https://rubygems.org/
  specs:
    awesome_print (1.6.1)
    childprocess (0.8.0)
      ffi (~> 1.0, >= 1.0.11)
    concurrent-ruby (1.1.8)
    concurrent-ruby-ext (1.1.8)
      concurrent-ruby (= 1.1.8)
    cuboid (0.2.4.1)
      awesome_print (= 1.6.1)
      bundler
      childprocess (= 0.8.0)
      concurrent-ruby (= 1.1.8)
      concurrent-ruby-ext (= 1.1.8)
      msgpack (= 1.1.0)
      puma (= 5.6.2)
      rack (= 2.2.3.1)
      rack-test
      rubyzip (= 2.3.0)
      sinatra (= 2.2.0)
      sinatra-contrib (= 2.2.0)
      sys-proctable (= 1.1.5)
      toq (~> 0.0.1)
      vmstat (= 2.3.0)
    ffi (1.15.5)
    msgpack (1.1.0)
    multi_json (1.15.0)
    mustermann (1.1.2)
      ruby2_keywords (~> 0.0.1)
    nio4r (2.5.9)
    puma (5.6.2)
      nio4r (~> 2.0)
    rack (2.2.3.1)
    rack-protection (2.2.0)
      rack
    rack-test (2.1.0)
      rack (>= 1.3)
    rake (13.0.6)
    raktr (0.0.3)
    ruby2_keywords (0.0.5)
    rubyzip (2.3.0)
    sinatra (2.2.0)
      mustermann (~> 1.0)
      rack (~> 2.2)
      rack-protection (= 2.2.0)
      tilt (~> 2.0)
    sinatra-contrib (2.2.0)
      multi_json
      mustermann (~> 1.0)
      rack-protection (= 2.2.0)
      sinatra (= 2.2.0)
      tilt (~> 2.0)
    sys-proctable (1.1.5-universal-linux)
    tilt (2.1.0)
    toq (0.0.4.1)
      raktr (~> 0.0.1)
    vmstat (2.3.0)

PLATFORMS
  x86_64-linux

DEPENDENCIES
  peplum!
  rake (~> 13.0)

BUNDLED WITH
   2.4.13
